PATH
  remote: .
  specs:
    errorstack (0.0.1)
      rest-client (>= 1.6.1)

GEM
  remote: http://rubygems.org/
  specs:
    diff-lcs (1.1.2)
    ffi (0.6.3)
      rake (>= 0.8.7)
    growl (1.0.3)
    guard (0.1.1)
      bundler (~> 1.0.2)
      growl (~> 1.0.3)
      libnotify (~> 0.1.3)
      rb-inotify (~> 0.8.1)
      sys-uname (~> 0.8.4)
      thor (~> 0.14.3)
    guard-rspec (0.1.2)
      guard (~> 0.1.0)
    libnotify (0.1.4)
      ffi (>= 0.6.2)
    mime-types (1.16)
    rake (0.8.7)
    rb-inotify (0.8.1)
      ffi (>= 0.5.0)
    rest-client (1.6.1)
      mime-types (>= 1.16)
    rspec (2.0.0)
      rspec-core (= 2.0.0)
      rspec-expectations (= 2.0.0)
      rspec-mocks (= 2.0.0)
    rspec-core (2.0.0)
    rspec-expectations (2.0.0)
      diff-lcs (>= 1.1.2)
    rspec-mocks (2.0.0)
      rspec-core (= 2.0.0)
      rspec-expectations (= 2.0.0)
    sys-uname (0.8.4)
    thor (0.14.3)

PLATFORMS
  ruby

DEPENDENCIES
  errorstack!
  guard-rspec (>= 0.1.2)
  rest-client (>= 1.6.1)
  rspec (>= 1.3.0)
